PATH
  remote: .
  specs:
    pullreqs (0.1)
      colorize (>= 0.7)
      github-linguist (>= 4.5)
      mongo (>= 1.12, < 2.0)
      mysql2 (>= 0.3)
      parallel (>= 0.7.1)
      rugged (>= 0.22)
      sequel (>= 3.35)
      sequel (>= 4.23)
      travis (>= 1.7, < 1.9)
      trollop (>= 2.1.2)

GEM
  remote: https://rubygems.org/
  specs:
    addressable (2.4.0)
    backports (3.6.8)
    bson (1.12.5)
    charlock_holmes (0.7.3)
    coderay (1.1.0)
    colorize (0.7.7)
    escape_utils (1.1.0)
    ethon (0.8.1)
      ffi (>= 1.3.0)
    faraday (0.9.2)
      multipart-post (>= 1.2, < 3)
    faraday_middleware (0.10.0)
      faraday (>= 0.7.4, < 0.10)
    ffi (1.9.10)
    gh (0.14.0)
      addressable
      backports
      faraday (~> 0.8)
      multi_json (~> 1.0)
      net-http-persistent (>= 2.7)
      net-http-pipeline
    github-linguist (4.7.0)
      charlock_holmes (~> 0.7.3)
      escape_utils (~> 1.1.0)
      mime-types (>= 1.19)
      rugged (>= 0.23.0b)
    highline (1.7.8)
    json (1.8.3)
    launchy (2.4.3)
      addressable (~> 2.3)
    method_source (0.8.2)
    mime-types (3.0)
      mime-types-data (~> 3.2015)
    mime-types-data (3.2015.1120)
    mongo (1.12.5)
      bson (= 1.12.5)
    multi_json (1.11.2)
    multipart-post (2.0.0)
    mysql2 (0.4.2)
    net-http-persistent (2.9.4)
    net-http-pipeline (1.0.1)
    parallel (1.6.1)
    pry (0.9.12.6)
      coderay (~> 1.0)
      method_source (~> 0.8)
      slop (~> 3.4)
    pusher-client (0.6.2)
      json
      websocket (~> 1.0)
    rugged (0.23.0b2)
    sequel (4.31.0)
    slop (3.6.0)
    travis (1.8.0)
      addressable (~> 2.3)
      backports
      faraday (~> 0.9)
      faraday_middleware (~> 0.9, >= 0.9.1)
      gh (~> 0.13)
      highline (~> 1.6)
      launchy (~> 2.1)
      pry (~> 0.9, < 0.10)
      pusher-client (~> 0.4)
      typhoeus (~> 0.6, >= 0.6.8)
    trollop (2.1.2)
    typhoeus (0.8.0)
      ethon (>= 0.8.0)
    websocket (1.2.2)

PLATFORMS
  ruby

DEPENDENCIES
  pullreqs!

BUNDLED WITH
   1.11.2
